GEM
  remote: https://rubygems.org/
  specs:
    call-me (0.0.2.3)
      refining
    ffi (1.9.6)
    ffi-extra (0.1.0)
      ffi
    ffi-inline (0.0.4.3)
      ffi (>= 0.4.0)
    haml (4.0.6)
      tilt
    iso-639 (0.2.5)
    rack (1.6.0)
    rack-protection (1.5.3)
      rack
    refining (0.0.5.5)
    sinatra (1.4.5)
      rack (~> 1.4)
      rack-protection (~> 1.4)
      tilt (~> 1.3, >= 1.3.4)
    tesseract-ocr (0.1.6)
      call-me
      ffi-extra
      ffi-inline
      iso-639
    tilt (1.4.1)

PLATFORMS
  ruby

DEPENDENCIES
  haml
  sinatra
  tesseract-ocr
